GEM
  remote: https://rubygems.org/
  specs:
    dotenv (0.9.0)
    event_emitter (0.2.5)
    foreman (0.63.0)
      dotenv (>= 0.7)
      thor (>= 0.13.6)
    httparty (0.12.0)
      json (~> 1.8)
      multi_xml (>= 0.5.2)
    json (1.8.1)
    linda-socket.io-client (0.0.1)
      event_emitter
      json
      socket.io-client-simple (>= 0.0.3)
    multi_xml (0.5.5)
    skype (0.2.7)
      tmp_cache
    socket.io-client-simple (0.0.4)
      event_emitter
      httparty
      json
      websocket-client-simple (>= 0.0.6)
    thor (0.18.1)
    tmp_cache (0.1.1)
    websocket (1.1.2)
    websocket-client-simple (0.0.6)
      event_emitter
      websocket

PLATFORMS
  ruby

DEPENDENCIES
  foreman
  linda-socket.io-client
  skype
